GIT
  remote: https://github.com/laclasse-com/laclasse-common
  revision: 0f5e63f7a73efd84221819aae3e47592b9e3ee86
  specs:
    laclasse-common (0.2.5)
      logstash-logger
      redis-rack (~> 1.5.0)
      rest-client

GEM
  remote: https://rubygems.org/
  specs:
    addressable (2.3.8)
    ast (2.1.0)
    astrolabe (1.3.1)
      parser (~> 2.2)
    backports (3.6.6)
    clamp (0.2.3)
    coderay (1.1.0)
    css2less (0.0.2)
    daemon_controller (0.2.6)
    diff-lcs (1.2.5)
    docile (1.1.5)
    domain_name (0.5.24)
      unf (>= 0.0.5, < 1.0.0)
    execjs (2.6.0)
    ffi (1.9.10)
    formatador (0.2.5)
    guard (2.13.0)
      formatador (>= 0.2.4)
      listen (>= 2.7, <= 4.0)
      lumberjack (~> 1.0)
      nenv (~> 0.1)
      notiffany (~> 0.0)
      pry (>= 0.9.12)
      shellany (~> 0.0)
      thor (>= 0.18.1)
    guard-bundler (2.1.0)
      bundler (~> 1.0)
      guard (~> 2.2)
      guard-compat (~> 1.1)
    guard-compat (1.2.1)
    guard-rspec (4.6.4)
      guard (~> 2.1)
      guard-compat (~> 1.1)
      rspec (>= 2.99.0, < 4.0)
    hashie (3.4.2)
    html_truncator (0.4.1)
      nokogiri (~> 1.5)
    htmlentities (4.3.4)
    http-cookie (1.0.2)
      domain_name (~> 0.5)
    jasmine (2.3.0)
      jasmine-core (~> 2.3)
      phantomjs
      rack (>= 1.2.1)
      rake
    jasmine-core (2.3.4)
    json (1.8.3)
    libv8 (3.16.14.11)
    listen (3.0.3)
      rb-fsevent (>= 0.9.3)
      rb-inotify (>= 0.9)
    logstash-event (1.2.02)
    logstash-logger (0.12.0)
      logstash-event (~> 1.2)
      stud
    lumberjack (1.0.9)
    method_source (0.8.2)
    mime-types (2.6.1)
    mini_portile (0.6.2)
    multi_json (1.11.2)
    nenv (0.2.0)
    netrc (0.10.3)
    nokogiri (1.6.6.2)
      mini_portile (~> 0.6.0)
    notiffany (0.0.7)
      nenv (~> 0.1)
      shellany (~> 0.0)
    omniauth (1.2.2)
      hashie (>= 1.2, < 4)
      rack (~> 1.0)
    omniauth-cas (1.1.0)
      addressable (~> 2.3)
      nokogiri (~> 1.5)
      omniauth (~> 1.2.0)
    parser (2.2.2.6)
      ast (>= 1.1, < 3.0)
    phantomjs (1.9.8.0)
    powerpack (0.1.1)
    pry (0.10.1)
      coderay (~> 1.1.0)
      method_source (~> 0.8.1)
      slop (~> 3.4)
    puma (2.13.4)
    rack (1.6.4)
    rack-protection (1.5.3)
      rack
    rack-rewrite (1.5.1)
    rack-test (0.6.3)
      rack (>= 1.0)
    rainbow (2.0.0)
    rake (10.4.2)
    rb-fsevent (0.9.5)
    rb-inotify (0.9.5)
      ffi (>= 0.5.0)
    redis (3.2.1)
    redis-rack (1.5.0)
      rack (~> 1.5)
      redis-store (~> 1.1.0)
    redis-server (0.0.5)
      clamp (~> 0.2.1)
      daemon_controller (~> 0.2.6)
    redis-store (1.1.6)
      redis (>= 2.2)
    ref (2.0.0)
    rest-client (1.8.0)
      http-cookie (>= 1.0.2, < 2.0)
      mime-types (>= 1.16, < 3.0)
      netrc (~> 0.7)
    rspec (3.3.0)
      rspec-core (~> 3.3.0)
      rspec-expectations (~> 3.3.0)
      rspec-mocks (~> 3.3.0)
    rspec-core (3.3.2)
      rspec-support (~> 3.3.0)
    rspec-expectations (3.3.1)
      diff-lcs (>= 1.2.0, < 2.0)
      rspec-support (~> 3.3.0)
    rspec-mocks (3.3.2)
      diff-lcs (>= 1.2.0, < 2.0)
      rspec-support (~> 3.3.0)
    rspec-support (3.3.0)
    rubocop (0.33.0)
      astrolabe (~> 1.3)
      parser (>= 2.2.2.5, < 3.0)
      powerpack (~> 0.1)
      rainbow (>= 1.99.1, < 3.0)
      ruby-progressbar (~> 1.4)
    ruby-progressbar (1.7.5)
    sass (3.4.18)
    shellany (0.0.1)
    shotgun (0.9.1)
      rack (>= 1.0)
    simple-rss (1.3.1)
    simplecov (0.10.0)
      docile (~> 1.1.0)
      json (~> 1.8)
      simplecov-html (~> 0.10.0)
    simplecov-html (0.10.0)
    sinatra (1.4.6)
      rack (~> 1.4)
      rack-protection (~> 1.4)
      tilt (>= 1.3, < 3)
    sinatra-contrib (1.4.6)
      backports (>= 2.0)
      multi_json
      rack-protection
      rack-test
      sinatra (~> 1.4.0)
      tilt (>= 1.3, < 3)
    sinatra-param (1.4.0)
      sinatra (~> 1.3)
    slop (3.6.0)
    stud (0.0.21)
    therubyracer (0.12.2)
      libv8 (~> 3.16.14.0)
      ref
    thor (0.19.1)
    tilt (2.0.1)
    uglifier (2.7.2)
      execjs (>= 0.3.0)
      json (>= 1.8.0)
    unf (0.1.4)
      unf_ext
    unf_ext (0.0.7.1)

PLATFORMS
  ruby

DEPENDENCIES
  css2less
  guard
  guard-bundler
  guard-rspec
  html_truncator
  htmlentities
  jasmine
  json
  laclasse-common!
  nokogiri
  omniauth
  omniauth-cas
  pry
  puma
  rack-rewrite
  rake
  rb-fsevent
  rb-inotify
  redis
  redis-server
  rest-client
  rubocop
  sass
  shotgun
  simple-rss
  simplecov
  sinatra
  sinatra-contrib
  sinatra-param
  therubyracer
  uglifier

BUNDLED WITH
   1.10.6
